GEM
  remote: https://rubygems.org/
  specs:
    json (2.0.2)
    pg (0.19.0)
    rack (1.6.5)
    rack-protection (1.5.3)
      rack
    sequel (4.40.0)
    sinatra (1.4.7)
      rack (~> 1.5)
      rack-protection (~> 1.4)
      tilt (>= 1.3, < 3)
    tilt (2.0.5)

PLATFORMS
  ruby

DEPENDENCIES
  json
  pg
  sequel (~> 4.40)
  sinatra (~> 1.4, >= 1.4.7)

BUNDLED WITH
   1.13.6
